PATH
  remote: ../localwiki.rb
  specs:
    localwiki (0.0.2)

GEM
  remote: http://rubygems.org/
  specs:
    mime-types (1.19)
    rest-client (1.6.7)
      mime-types (>= 1.16)

PLATFORMS
  ruby

DEPENDENCIES
  localwiki!
  rest-client
